PATH
  remote: .
  specs:
    ernicorn (1.0.2)
      bert (>= 1.1.0)
      bertrpc (>= 1.0.0)
      unicorn (~> 4.1)

GEM
  remote: http://rubygems.org/
  specs:
    bert (1.1.6)
    bertrpc (1.3.1)
      bert (>= 1.1.0, < 2.0.0)
    kgio (2.7.4)
    rack (1.4.1)
    raindrops (0.10.0)
    rake (0.9.2.2)
    shoulda (2.11.3)
    unicorn (4.1.1)
      kgio (~> 2.4)
      rack
      raindrops (~> 0.6)

PLATFORMS
  ruby

DEPENDENCIES
  ernicorn!
  rake
  shoulda (~> 2.11.3)
