PATH
  remote: .
  specs:
    ernicorn (1.0.3)
      bert (>= 1.1.0)
      bertrpc (>= 1.0.0)
      unicorn (~> 4.1)

GEM
  remote: http://rubygems.org/
  specs:
    bert (1.1.6)
    bertrpc (1.3.1)
      bert (>= 1.1.0, < 2.0.0)
    kgio (2.9.3)
    rack (2.2.3)
    raindrops (0.13.0)
    rake (0.9.2.2)
    shoulda (2.11.3)
    unicorn (4.8.3)
      kgio (~> 2.6)
      rack
      raindrops (~> 0.7)

PLATFORMS
  ruby

DEPENDENCIES
  ernicorn!
  rake
  shoulda (~> 2.11.3)
